GEM
  remote: https://rubygems.org/
  specs:
    cairo (1.14.1)
      pkg-config (>= 1.1.5)
    chupa-text (1.0.4)
    chupa-text-decomposer-libreoffice (1.0.0)
      chupa-text-decomposer-pdf
    chupa-text-decomposer-pdf (1.0.2)
      chupa-text
      poppler
    gdk_pixbuf2 (2.2.4)
      glib2 (= 2.2.4)
    glib2 (2.2.4)
      pkg-config
    pdfkit (0.6.2)
    pkg-config (1.1.6)
    poppler (2.2.4)
      cairo (>= 1.14.0)
      gdk_pixbuf2 (= 2.2.4)
    rack (1.6.0)
    rack-protection (1.5.3)
      rack
    sinatra (1.4.5)
      rack (~> 1.4)
      rack-protection (~> 1.4)
      tilt (~> 1.3, >= 1.3.4)
    tilt (1.4.1)
    wkhtmltopdf-binary (0.9.9.3)

PLATFORMS
  ruby

DEPENDENCIES
  chupa-text-decomposer-libreoffice (~> 1.0.0)
  pdfkit
  sinatra
  wkhtmltopdf-binary
